GEM
  remote: https://rubygems.org/
  specs:
    ZenTest (4.9.5)
    activesupport (4.0.2)
      i18n (~> 0.6, >= 0.6.4)
      minitest (~> 4.2)
      multi_json (~> 1.3)
      thread_safe (~> 0.1)
      tzinfo (~> 0.3.37)
    addressable (2.3.5)
    atomic (1.1.14)
    chronic (0.10.2)
    crack (0.4.1)
      safe_yaml (~> 0.9.0)
    diff-lcs (1.2.5)
    dropbox-sdk (1.6.3)
      json
    i18n (0.6.9)
    json (1.8.1)
    mime-types (2.0)
    minitest (4.7.5)
    multi_json (1.8.2)
    rest-client (1.6.7)
      mime-types (>= 1.16)
    rspec (2.14.1)
      rspec-core (~> 2.14.0)
      rspec-expectations (~> 2.14.0)
      rspec-mocks (~> 2.14.0)
    rspec-core (2.14.7)
    rspec-expectations (2.14.4)
      diff-lcs (>= 1.1.3, < 2.0)
    rspec-mocks (2.14.4)
    safe_yaml (0.9.7)
    thread_safe (0.1.3)
      atomic
    tzinfo (0.3.38)
    webmock (1.16.1)
      addressable (>= 2.2.7)
      crack (>= 0.3.2)
    whenever (0.9.0)
      activesupport (>= 2.3.4)
      chronic (>= 0.6.3)

PLATFORMS
  ruby

DEPENDENCIES
  ZenTest
  dropbox-sdk
  rest-client
  rspec
  webmock
  whenever
